GEM
  remote: https://rubygems.org/
  specs:
    jwt (2.1.0)
    mustermann (1.0.3)
    rack (2.0.5)
    rack-protection (2.0.4)
      rack
    sinatra (2.0.4)
      mustermann (~> 1.0)
      rack (~> 2.0)
      rack-protection (= 2.0.4)
      tilt (~> 2.0)
    sinatra-cross_origin (0.4.0)
    tilt (2.0.8)

PLATFORMS
  ruby

DEPENDENCIES
  jwt
  sinatra
  sinatra-cross_origin

BUNDLED WITH
   1.16.1
