GEM
  remote: https://rubygems.org/
  specs:
    haml-edge (3.1.79)

PLATFORMS
  ruby

DEPENDENCIES
  haml-edge

BUNDLED WITH
   2.2.22
